GIT
  remote: git://github.com/mongoid/mongoid.git
  revision: 26f67146a7b7969a16862facd746e0ca6f338ff4
  ref: 26f67146a7b7969a16862fa
  specs:
    mongoid (5.0.0)
      activemodel (~> 4.0)
      mongo (~> 2.0)
      origin (~> 2.1)
      tzinfo (>= 0.3.37)

GEM
  remote: https://rubygems.org/
  specs:
    actionmailer (4.1.16)
      actionpack (= 4.1.16)
      actionview (= 4.1.16)
      mail (~> 2.5, >= 2.5.4)
    actionpack (4.1.16)
      actionview (= 4.1.16)
      activesupport (= 4.1.16)
      rack (~> 1.5.2)
      rack-test (~> 0.6.2)
    actionview (4.1.16)
      activesupport (= 4.1.16)
      builder (~> 3.1)
      erubis (~> 2.7.0)
    activemodel (4.1.16)
      activesupport (= 4.1.16)
      builder (~> 3.1)
    activerecord (4.1.16)
      activemodel (= 4.1.16)
      activesupport (= 4.1.16)
      arel (~> 5.0.0)
    activesupport (4.1.16)
      i18n (~> 0.6, >= 0.6.9)
      json (~> 1.7, >= 1.7.7)
      minitest (~> 5.1)
      thread_safe (~> 0.1)
      tzinfo (~> 1.1)
    angular-rails-templates (0.1.3)
      railties (>= 3.1)
      sprockets
      tilt
    arel (5.0.1.20140414130214)
    ast (2.4.0)
    autoprefixer-rails (5.2.0)
      execjs
      json
    bcrypt (3.1.11)
    bcrypt (3.1.11-java)
    better_errors (1.1.0)
      coderay (>= 1.0.0)
      erubis (>= 2.6.6)
    bootstrap-sass (3.3.5)
      autoprefixer-rails (>= 5.0.0.1)
      sass (>= 3.2.19)
    bootstrap_form (2.3.0)
    bower-rails (0.9.2)
    bson (4.3.0)
    bson (4.3.0-java)
    builder (3.2.3)
    cancancan (1.10.1)
    capistrano (3.4.0)
      i18n
      rake (>= 10.0.0)
      sshkit (~> 1.3)
    capistrano-bundler (1.1.4)
      capistrano (~> 3.1)
      sshkit (~> 1.2)
    capistrano-file-permissions (0.1.1)
      capistrano (~> 3.1)
    capistrano-rails (1.1.3)
      capistrano (~> 3.1)
      capistrano-bundler (~> 1.1)
    capistrano-rbenv (2.0.3)
      capistrano (~> 3.1)
      sshkit (~> 1.3)
    capistrano3-nginx (2.1.1)
      capistrano (>= 3.0.0)
    capistrano3-puma (1.0.0)
      capistrano (~> 3.0)
      puma (>= 2.6)
    capybara (2.4.4)
      mime-types (>= 1.16)
      nokogiri (>= 1.3.3)
      rack (>= 1.0.0)
      rack-test (>= 0.5.4)
      xpath (~> 2.0)
    celluloid (0.17.3)
      celluloid-essentials
      celluloid-extras
      celluloid-fsm
      celluloid-pool
      celluloid-supervision
      timers (>= 4.1.1)
    celluloid-essentials (0.20.5)
      timers (>= 4.1.1)
    celluloid-extras (0.20.5)
      timers (>= 4.1.1)
    celluloid-fsm (0.20.5)
      timers (>= 4.1.1)
    celluloid-pool (0.20.5)
      timers (>= 4.1.1)
    celluloid-supervision (0.20.6)
      timers (>= 4.1.1)
    childprocess (0.9.0)
      ffi (~> 1.0, >= 1.0.11)
    coderay (1.1.2)
    coffee-rails (4.1.1)
      coffee-script (>= 2.2.0)
      railties (>= 4.0.0, < 5.1.x)
    coffee-script (2.4.1)
      coffee-script-source
      execjs
    coffee-script-source (1.12.2)
    concurrent-ruby (1.0.5)
    concurrent-ruby (1.0.5-java)
    connection_pool (2.2.1)
    database_cleaner (1.4.1)
    devise (3.4.1)
      bcrypt (~> 3.0)
      orm_adapter (~> 0.1)
      railties (>= 3.2.6, < 5)
      responders
      thread_safe (~> 0.1)
      warden (~> 1.2.3)
    diff-lcs (1.3)
    docker-api (1.21.4)
      excon (>= 0.38.0)
      json
    erubis (2.7.0)
    excon (0.62.0)
    execjs (2.7.0)
    faker (1.4.3)
      i18n (~> 0.5)
    ffi (1.9.23)
    ffi (1.9.23-java)
    file-tail (1.1.0)
      tins (~> 1.0)
    font-awesome-rails (4.3.0.0)
      railties (>= 3.2, < 5.0)
    hike (1.2.3)
    hitimes (1.2.6)
    hitimes (1.2.6-java)
    i18n (0.9.5)
      concurrent-ruby (~> 1.0)
    jbuilder (2.6.4)
      activesupport (>= 3.0.0)
      multi_json (>= 1.2)
    jquery-rails (3.1.5)
      railties (>= 3.0, < 5.0)
      thor (>= 0.14, < 2.0)
    json (1.8.6)
    json (1.8.6-java)
    mail (2.7.0)
      mini_mime (>= 0.1.1)
    mime-types (2.99.3)
    mini_mime (1.0.0)
    mini_portile2 (2.1.0)
    minitest (5.11.3)
    mongo (2.5.1)
      bson (>= 4.3.0, < 5.0.0)
    multi_json (1.11.0)
    net-scp (1.2.1)
      net-ssh (>= 2.6.5)
    net-ssh (2.9.4)
    nokogiri (1.6.8.1)
      mini_portile2 (~> 2.1.0)
    nokogiri (1.6.8.1-java)
    origin (2.3.1)
    orm_adapter (0.5.0)
    parser (2.4.0.2)
      ast (~> 2.3)
    phantomjs (1.9.8.0)
    powerpack (0.1.1)
    puma (2.11.3)
      rack (>= 1.1, < 2.0)
    puma (2.11.3-java)
      rack (>= 1.1, < 2.0)
    rack (1.5.5)
    rack-protection (1.5.5)
      rack
    rack-test (0.6.3)
      rack (>= 1.0)
    rails (4.1.16)
      actionmailer (= 4.1.16)
      actionpack (= 4.1.16)
      actionview (= 4.1.16)
      activemodel (= 4.1.16)
      activerecord (= 4.1.16)
      activesupport (= 4.1.16)
      bundler (>= 1.3.0, < 2.0)
      railties (= 4.1.16)
      sprockets-rails (~> 2.0)
    railties (4.1.16)
      actionpack (= 4.1.16)
      activesupport (= 4.1.16)
      rake (>= 0.8.7)
      thor (>= 0.18.1, < 2.0)
    rainbow (2.2.2)
      rake
    rake (12.2.1)
    rdoc (4.3.0)
    redis (3.3.5)
    redis-namespace (1.6.0)
      redis (>= 3.0.4)
    responders (1.1.2)
      railties (>= 3.2, < 4.2)
    role_model (0.8.2)
    rspec (3.1.0)
      rspec-core (~> 3.1.0)
      rspec-expectations (~> 3.1.0)
      rspec-mocks (~> 3.1.0)
    rspec-core (3.1.7)
      rspec-support (~> 3.1.0)
    rspec-expectations (3.1.2)
      diff-lcs (>= 1.2.0, < 2.0)
      rspec-support (~> 3.1.0)
    rspec-mocks (3.1.3)
      rspec-support (~> 3.1.0)
    rspec-rails (3.1.0)
      actionpack (>= 3.0)
      activesupport (>= 3.0)
      railties (>= 3.0)
      rspec-core (~> 3.1.0)
      rspec-expectations (~> 3.1.0)
      rspec-mocks (~> 3.1.0)
      rspec-support (~> 3.1.0)
    rspec-support (3.1.2)
    rubocop (0.41.2)
      parser (>= 2.3.1.1, < 3.0)
      powerpack (~> 0.1)
      rainbow (>= 1.99.1, < 3.0)
      ruby-progressbar (~> 1.7)
      unicode-display_width (~> 1.0, >= 1.0.1)
    rubocop-checkstyle_formatter (0.2.0)
      rubocop (>= 0.20.1)
    ruby-progressbar (1.9.0)
    rubyzip (1.2.1)
    sass (3.2.19)
    sass-rails (4.0.5)
      railties (>= 4.0.0, < 5.0)
      sass (~> 3.2.2)
      sprockets (~> 2.8, < 3.0)
      sprockets-rails (~> 2.0)
    sdoc (0.4.1)
      json (~> 1.7, >= 1.7.7)
      rdoc (~> 4.0)
    selenium-webdriver (2.45.0)
      childprocess (~> 0.5)
      multi_json (~> 1.0)
      rubyzip (~> 1.0)
      websocket (~> 1.0)
    sidekiq (3.3.4)
      celluloid (>= 0.16.0)
      connection_pool (>= 2.1.1)
      json
      redis (>= 3.0.6)
      redis-namespace (>= 1.3.1)
    sidekiq-status (0.5.3)
      sidekiq (>= 2.7, < 3.4)
    sinatra (1.4.8)
      rack (~> 1.5)
      rack-protection (~> 1.4)
      tilt (>= 1.3, < 3)
    sprockets (2.12.4)
      hike (~> 1.2)
      multi_json (~> 1.0)
      rack (~> 1.0)
      tilt (~> 1.1, != 1.3.0)
    sprockets-rails (2.3.3)
      actionpack (>= 3.0)
      activesupport (>= 3.0)
      sprockets (>= 2.8, < 4.0)
    sshkit (1.16.0)
      net-scp (>= 1.1.2)
      net-ssh (>= 2.8.0)
    teaspoon (1.0.2)
      railties (>= 3.2.5, < 5)
    teaspoon-jasmine (2.2.0)
      teaspoon (>= 1.0.0)
    therubyrhino (2.0.4)
      therubyrhino_jar (>= 1.7.3)
    therubyrhino_jar (1.7.6)
    thor (0.20.0)
    thread_safe (0.3.6)
    thread_safe (0.3.6-java)
    tilt (1.4.1)
    timers (4.1.2)
      hitimes
    tins (1.6.0)
    tzinfo (1.2.5)
      thread_safe (~> 0.1)
    tzinfo-data (1.2015.4)
      tzinfo (>= 1.0.0)
    uglifier (4.1.9)
      execjs (>= 0.3.0, < 3)
    unicode-display_width (1.3.0)
    warden (1.2.7)
      rack (>= 1.0)
    websocket (1.2.4)
    xpath (2.1.0)
      nokogiri (~> 1.3)

PLATFORMS
  java
  ruby

DEPENDENCIES
  angular-rails-templates (= 0.1.3)
  autoprefixer-rails (= 5.2.0)
  better_errors (~> 1.1.0)
  bootstrap-sass (~> 3.3.0)
  bootstrap_form (= 2.3.0)
  bower-rails (= 0.9.2)
  cancancan (= 1.10.1)
  capistrano (= 3.4.0)
  capistrano-bundler (= 1.1.4)
  capistrano-file-permissions (= 0.1.1)
  capistrano-rails (= 1.1.3)
  capistrano-rbenv (= 2.0.3)
  capistrano3-nginx (= 2.1.1)
  capistrano3-puma (= 1.0.0)
  capybara (= 2.4.4)
  coffee-rails (~> 4.1.0)
  database_cleaner (= 1.4.1)
  devise (~> 3.4.1)
  docker-api (= 1.21.4)
  faker (= 1.4.3)
  file-tail (= 1.1.0)
  font-awesome-rails (= 4.3.0)
  jbuilder (~> 2.0)
  jquery-rails (= 3.1.5)
  mongoid!
  multi_json (= 1.11.0)
  nokogiri (= 1.6.8.1)
  phantomjs (= 1.9.8)
  puma (= 2.11.3)
  rails (= 4.1.16)
  role_model (= 0.8.2)
  rspec (~> 3.1.0)
  rspec-rails (~> 3.1.0)
  rubocop (= 0.41.2)
  rubocop-checkstyle_formatter (= 0.2.0)
  sass-rails (~> 4.0.3)
  sdoc (= 0.4.1)
  selenium-webdriver (= 2.45.0)
  sidekiq (= 3.3.4)
  sidekiq-status (= 0.5.3)
  sinatra (>= 1.3.0)
  teaspoon (= 1.0.2)
  teaspoon-jasmine (= 2.2.0)
  therubyrhino (= 2.0.4)
  tzinfo-data (= 1.2015.4)
  uglifier (>= 1.3.0)

BUNDLED WITH
   1.16.1
